GIT
  remote: git://github.com/rubyworks/yard-tomdoc
  revision: caee83fb8b068fef81068e00dc8d1245354536f1
  specs:
    yard-tomdoc (0.5.0)
      tomparse
      yard

PATH
  remote: .
  specs:
    hyperclient (0.3.0)
      faraday (~> 0.8)
      faraday_middleware (~> 0.9)
      net-http-digest_auth (~> 1.2)
      uri_template (~> 0.5)

GEM
  remote: https://rubygems.org/
  specs:
    addressable (2.2.8)
    ansi (1.4.2)
    coderay (1.0.6)
    colorize (0.5.8)
    crack (0.3.1)
    faraday (0.8.4)
      multipart-post (~> 1.1)
    faraday_middleware (0.9.0)
      faraday (>= 0.7.4, < 0.9)
    ffi (1.0.11)
    gherkin-ruby (0.2.1)
    growl (1.0.3)
    guard (1.0.3)
      ffi (>= 0.5.0)
      thor (>= 0.14.6)
    guard-minitest (0.5.0)
      guard (>= 0.4)
    guard-spinach (0.0.1.1)
      guard
      spinach
    metaclass (0.0.1)
    method_source (0.7.1)
    minitest (3.4.0)
    mocha (0.13.1)
      metaclass (~> 0.0.1)
    multi_json (1.3.6)
    multipart-post (1.1.5)
    net-http-digest_auth (1.2.1)
    pry (0.9.9.6)
      coderay (~> 1.0.5)
      method_source (~> 0.7.1)
      slop (>= 2.4.4, < 3)
    rack (1.4.1)
    rack-test (0.6.2)
      rack (>= 1.0)
    rake (0.9.2.2)
    redcarpet (2.1.1)
    simplecov (0.6.4)
      multi_json (~> 1.0)
      simplecov-html (~> 0.5.3)
    simplecov-html (0.5.3)
    slop (2.4.4)
    spinach (0.7.0)
      colorize
      gherkin-ruby (~> 0.2.0)
    thor (0.15.2)
    tomparse (0.2.1)
    turn (0.9.5)
      ansi
    uri_template (0.5.1)
    webmock (1.8.7)
      addressable (>= 2.2.7)
      crack (>= 0.1.7)
    yard (0.8.2.1)

PLATFORMS
  ruby

DEPENDENCIES
  growl
  guard
  guard-minitest
  guard-spinach
  hyperclient!
  minitest (~> 3.4.0)
  mocha (~> 0.13)
  pry
  rack-test (~> 0.6)
  rake
  redcarpet
  simplecov
  spinach
  turn (~> 0.9)
  webmock (~> 1.8)
  yard (~> 0.8)
  yard-tomdoc!
